PATH
  remote: .
  specs:
    quiply (0.1.0)
      methadone (~> 2.0.0)
      terminal-table (~> 1.8.0)

GEM
  remote: https://rubygems.org/
  specs:
    ansi (1.5.0)
    ast (2.4.0)
    coderay (1.1.2)
    diff-lcs (1.3)
    docile (1.3.1)
    hirb (0.7.3)
    jaro_winkler (1.5.2)
    json (2.1.0)
    methadone (2.0.2)
      bundler
    method_source (0.9.2)
    mixlib-shellout (2.4.4)
    parallel (1.13.0)
    parser (2.6.0.0)
      ast (~> 2.4.0)
    powerpack (0.1.2)
    pry (0.12.2)
      coderay (~> 1.1.0)
      method_source (~> 0.9.0)
    rainbow (3.0.0)
    rake (10.5.0)
    rspec (3.8.0)
      rspec-core (~> 3.8.0)
      rspec-expectations (~> 3.8.0)
      rspec-mocks (~> 3.8.0)
    rspec-collection_matchers (1.1.3)
      rspec-expectations (>= 2.99.0.beta1)
    rspec-command (1.0.3)
      mixlib-shellout (~> 2.0)
      rspec (~> 3.2)
      rspec-its (~> 1.2)
    rspec-core (3.8.0)
      rspec-support (~> 3.8.0)
    rspec-expectations (3.8.2)
      diff-lcs (>= 1.2.0, < 2.0)
      rspec-support (~> 3.8.0)
    rspec-its (1.2.0)
      rspec-core (>= 3.0.0)
      rspec-expectations (>= 3.0.0)
    rspec-mocks (3.8.0)
      diff-lcs (>= 1.2.0, < 2.0)
      rspec-support (~> 3.8.0)
    rspec-support (3.8.0)
    rubocop (0.60.0)
      jaro_winkler (~> 1.5.1)
      parallel (~> 1.10)
      parser (>= 2.5, != 2.5.1.1)
      powerpack (~> 0.1)
      rainbow (>= 2.2.2, < 4.0)
      ruby-progressbar (~> 1.7)
      unicode-display_width (~> 1.4.0)
    ruby-progressbar (1.10.0)
    simplecov (0.16.1)
      docile (~> 1.1)
      json (>= 1.8, < 3)
      simplecov-html (~> 0.10.0)
    simplecov-console (0.4.2)
      ansi
      hirb
      simplecov
    simplecov-html (0.10.2)
    terminal-table (1.8.0)
      unicode-display_width (~> 1.1, >= 1.1.1)
    unicode-display_width (1.4.1)

PLATFORMS
  ruby

DEPENDENCIES
  bundler (~> 2.0.1)
  pry (~> 0.12.2)
  quiply!
  rake (~> 10.0)
  rspec (~> 3.8.0)
  rspec-collection_matchers (~> 1.1.0)
  rspec-command (~> 1.0.3)
  rubocop (~> 0.60.0)
  simplecov (~> 0.16.1)
  simplecov-console (~> 0.4.0)

BUNDLED WITH
   2.0.1
